GEM
  remote: https://rubygems.org/
  specs:
    ast (2.3.0)
    benchmark-ips (2.7.2)
    byebug (9.0.6)
    coderay (1.1.1)
    diff-lcs (1.3)
    foreman (0.83.0)
      thor (~> 0.19.1)
    method_source (0.8.2)
    parser (2.4.0.0)
      ast (~> 2.2)
    powerpack (0.1.1)
    pry (0.10.4)
      coderay (~> 1.1.0)
      method_source (~> 0.8.1)
      slop (~> 3.4)
    pry-byebug (3.4.2)
      byebug (~> 9.0)
      pry (~> 0.10)
    rack (2.0.1)
    rainbow (2.2.1)
    rake (12.0.0)
    rspec (3.5.0)
      rspec-core (~> 3.5.0)
      rspec-expectations (~> 3.5.0)
      rspec-mocks (~> 3.5.0)
    rspec-core (3.5.4)
      rspec-support (~> 3.5.0)
    rspec-expectations (3.5.0)
      diff-lcs (>= 1.2.0, < 2.0)
      rspec-support (~> 3.5.0)
    rspec-mocks (3.5.0)
      diff-lcs (>= 1.2.0, < 2.0)
      rspec-support (~> 3.5.0)
    rspec-support (3.5.0)
    rubocop (0.47.1)
      parser (>= 2.3.3.1, < 3.0)
      powerpack (~> 0.1)
      rainbow (>= 1.99.1, < 3.0)
      ruby-progressbar (~> 1.7)
      unicode-display_width (~> 1.0, >= 1.0.1)
    ruby-progressbar (1.8.1)
    sinatra (1.0)
      rack (>= 1.0)
    slack-notifier (2.0.0)
    slop (3.6.0)
    thor (0.19.4)
    unicode-display_width (1.1.3)

PLATFORMS
  ruby
  x86-mingw32

DEPENDENCIES
  benchmark-ips
  foreman
  pry-byebug
  rack
  rake (~> 12.0)
  rspec (~> 3.5.0)
  rubocop (~> 0.35)
  sinatra
  slack-notifier

BUNDLED WITH
   1.14.4
